GEM
  remote: https://rubygems.org/
  specs:
    aws-sdk (2.10.80)
      aws-sdk-resources (= 2.10.80)
    aws-sdk-core (2.10.80)
      aws-sigv4 (~> 1.0)
      jmespath (~> 1.0)
    aws-sdk-resources (2.10.80)
      aws-sdk-core (= 2.10.80)
    aws-sigv4 (1.0.2)
    backports (3.10.3)
    docile (1.1.5)
    domain_name (0.5.20170404)
      unf (>= 0.0.5, < 1.0.0)
    erubis (2.7.0)
    faraday (0.13.1)
      multipart-post (>= 1.2, < 3)
    faraday_middleware (0.12.2)
      faraday (>= 0.7.4, < 1.0)
    gli (2.17.0)
    gooddata (0.6.53)
      aws-sdk (~> 2.9, >= 2.9.42)
      backports
      docile (~> 1.1)
      erubis (~> 2.7)
      gli (~> 2.15)
      highline (~> 1.7)
      json_pure (~> 1.8)
      multi_json (~> 1.12)
      parseconfig (~> 1.0)
      pmap (~> 1.1)
      rest-client (~> 1.8)
      restforce (~> 2.4)
      rubyzip (~> 1.2)
      salesforce_bulk_query (~> 0.2)
      terminal-table (~> 1.7)
      thread_safe
    hashie (3.5.6)
    highline (1.7.8)
    http-cookie (1.0.3)
      domain_name (~> 0.5)
    jmespath (1.3.1)
    json (1.8.6)
    json_pure (1.8.6)
    mime-types (2.99.3)
    multi_json (1.12.2)
    multipart-post (2.0.0)
    netrc (0.11.0)
    parseconfig (1.0.8)
    pmap (1.1.1)
    rest-client (1.8.0)
      http-cookie (>= 1.0.2, < 2.0)
      mime-types (>= 1.16, < 3.0)
      netrc (~> 0.7)
    restforce (2.5.3)
      faraday (>= 0.9.0, <= 1.0)
      faraday_middleware (>= 0.8.8, <= 1.0)
      hashie (>= 1.2.0, < 4.0)
      json (>= 1.7.5)
    rubyzip (1.2.1)
    salesforce_bulk_query (0.2.0)
      json (~> 1.8)
      xml-simple (~> 1.1)
    terminal-table (1.8.0)
      unicode-display_width (~> 1.1, >= 1.1.1)
    thread_safe (0.3.6)
    unf (0.1.4)
      unf_ext
    unf_ext (0.0.7.4)
    unicode-display_width (1.3.0)
    xml-simple (1.1.5)

PLATFORMS
  ruby

DEPENDENCIES
  gooddata

BUNDLED WITH
   1.14.6
